GEM
  remote: https://rubygems.org/
  specs:
    mini_magick (4.13.2)
    optparse (0.6.0)

PLATFORMS
  arm64-darwin-24
  ruby

DEPENDENCIES
  mini_magick (~> 4.12)
  optparse (~> 0.1)

BUNDLED WITH
   2.6.9
